PATH
  remote: .
  specs:
    pdfco (0.1.0)
      faraday
      json

GEM
  remote: https://rubygems.org/
  specs:
    addressable (2.7.0)
      public_suffix (>= 2.0.2, < 5.0)
    crack (0.4.4)
    faraday (1.0.1)
      multipart-post (>= 1.2, < 3)
    hashdiff (1.0.1)
    json (2.3.1)
    minitest (5.14.2)
    multipart-post (2.1.1)
    public_suffix (4.0.6)
    rake (13.0.1)
    vcr (6.0.0)
    webmock (3.9.1)
      addressable (>= 2.3.6)
      crack (>= 0.3.2)
      hashdiff (>= 0.4.0, < 2.0.0)

PLATFORMS
  ruby

DEPENDENCIES
  bundler
  minitest
  pdfco!
  rake
  vcr
  webmock

BUNDLED WITH
   2.1.4
